GEM
  remote: https://rubygems.org/
  specs:
    charlock_holmes (0.7.7)
    copyright-header (1.0.22)
      github-linguist
    escape_utils (1.2.1)
    github-linguist (7.11.0)
      charlock_holmes (~> 0.7.7)
      escape_utils (~> 1.2.0)
      mini_mime (~> 1.0)
      rugged (>= 0.25.1)
    mini_mime (1.0.2)
    rugged (1.0.1)

PLATFORMS
  ruby

DEPENDENCIES
  copyright-header

BUNDLED WITH
   2.1.2
